GEM
  remote: https://rubygems.org/
  specs:
    addressable (2.3.5)
    dropbox-sdk (1.6.2)
      json
    json (1.8.1)
    launchy (2.3.0)
      addressable (~> 2.3)

PLATFORMS
  ruby

DEPENDENCIES
  dropbox-sdk
  launchy
